GEM
  remote: https://rubygems.org/
  specs:
    CFPropertyList (3.0.0)
    addressable (2.6.0)
      public_suffix (>= 2.0.2, < 4.0)
    atomos (0.1.3)
    claide (1.0.2)
    colored2 (3.1.2)
    diff-lcs (1.3)
    down (4.8.1)
      addressable (~> 2.5)
    json (2.2.0)
    nanaimo (0.2.6)
    plist (3.5.0)
    public_suffix (3.1.1)
    rspec (3.8.0)
      rspec-core (~> 3.8.0)
      rspec-expectations (~> 3.8.0)
      rspec-mocks (~> 3.8.0)
    rspec-core (3.8.2)
      rspec-support (~> 3.8.0)
    rspec-expectations (3.8.4)
      diff-lcs (>= 1.2.0, < 2.0)
      rspec-support (~> 3.8.0)
    rspec-mocks (3.8.1)
      diff-lcs (>= 1.2.0, < 2.0)
      rspec-support (~> 3.8.0)
    rspec-support (3.8.2)
    xcodeproj (1.11.0)
      CFPropertyList (>= 2.3.3, < 4.0)
      atomos (~> 0.1.3)
      claide (>= 1.0.2, < 2.0)
      colored2 (~> 3.1)
      nanaimo (~> 0.2.6)

PLATFORMS
  ruby

DEPENDENCIES
  down
  json
  plist
  rspec
  xcodeproj

BUNDLED WITH
   2.0.2
